RESTRICTION: == net472
NUGET
  remote: https://api.nuget.org/v3/index.json
    Argu (3.7)
      FSharp.Core (>= 4.0.1.7-alpha)
      NETStandard.Library (>= 1.6)
      System.Xml.XDocument (>= 4.0.11)
    FSharp.Core (4.7)
    FsPickler (4.5)
      FSharp.Core (>= 3.1)
    FsPickler.Json (5.2.2)
      FSharp.Core (>= 3.1.2)
      Newtonsoft.Json (>= 6.0.5)
      SourceLink.Embed.PaketFiles
    MBrace.Core (1.5.4)
      FSharp.Core (>= 4.0.0.1)
    MBrace.CSharp (1.5.4-alpha)
      FSharp.Core (>= 4.0)
      MBrace.Core (1.5.4)
      MBrace.Flow (1.5.4)
      Streams
    MBrace.Flow (1.5.4)
      FSharp.Core (>= 4.0)
      MBrace.Core (1.5.4)
      Streams
    MBrace.Runtime (1.5.4)
      FsPickler (>= 4.5 < 5.0)
      FsPickler.Json
      MBrace.Core (1.5.4)
      Vagabond (>= 0.15 < 1.0)
    Microsoft.Azure.KeyVault.Core (3.0.5)
      Microsoft.Rest.ClientRuntime (>= 2.3.20 < 3.0)
      Microsoft.Rest.ClientRuntime.Azure (>= 3.3.18 < 4.0)
      Newtonsoft.Json (>= 10.0.3)
    Microsoft.Bcl (1.1.10)
      Microsoft.Bcl.Build (>= 1.0.14)
    Microsoft.Bcl.Async (1.0.168)
      Microsoft.Bcl (>= 1.1.8)
    Microsoft.Bcl.Build (1.0.21) - import_targets: false
    Microsoft.Data.Edm (5.8.4)
    Microsoft.Data.OData (5.8.4)
      Microsoft.Data.Edm (5.8.4)
      System.Spatial (5.8.4)
    Microsoft.Data.Services.Client (5.8.4)
      Microsoft.Data.OData (5.8.4)
    Microsoft.NETCore.Platforms (3.1)
    Microsoft.Rest.ClientRuntime (2.3.21)
      Newtonsoft.Json (>= 10.0.3)
    Microsoft.Rest.ClientRuntime.Azure (3.3.19)
      Microsoft.Rest.ClientRuntime (>= 2.3.19 < 3.0)
      Newtonsoft.Json (>= 10.0.3)
    Microsoft.WindowsAzure.Common (1.4.1)
    Microsoft.WindowsAzure.ConfigurationManager (3.2.3)
    Microsoft.WindowsAzure.Management (4.1.3)
    Microsoft.WindowsAzure.Management.Compute (14.0)
    Microsoft.WindowsAzure.Management.Libraries (2.0)
      Microsoft.WindowsAzure.Common (>= 1.3 < 2.0)
      Microsoft.WindowsAzure.Management (>= 2.0)
      Microsoft.WindowsAzure.Management.Compute (>= 5.0)
      Microsoft.WindowsAzure.Management.MediaServices (>= 2.0)
      Microsoft.WindowsAzure.Management.Monitoring (>= 1.0)
      Microsoft.WindowsAzure.Management.Network (>= 3.0)
      Microsoft.WindowsAzure.Management.Scheduler (>= 3.0)
      Microsoft.WindowsAzure.Management.Sql (>= 3.0)
      Microsoft.WindowsAzure.Management.Storage (>= 3.0)
      Microsoft.WindowsAzure.Management.WebSites (>= 3.0)
    Microsoft.WindowsAzure.Management.MediaServices (4.1)
    Microsoft.WindowsAzure.Management.Monitoring (4.1)
    Microsoft.WindowsAzure.Management.Network (8.2.1)
    Microsoft.WindowsAzure.Management.Scheduler (6.2)
    Microsoft.WindowsAzure.Management.ServiceBus (0.19.0-preview)
    Microsoft.WindowsAzure.Management.Sql (5.2)
    Microsoft.WindowsAzure.Management.Storage (6.0.1)
    Microsoft.WindowsAzure.Management.WebSites (4.0)
    Mono.Cecil (0.11.1)
    NETStandard.Library (2.0.3)
      Microsoft.NETCore.Platforms (>= 1.1)
    Newtonsoft.Json (12.0.3)
    SourceLink.Embed.PaketFiles (2.8.3)
    Streams (0.5)
      FSharp.Core (>= 4.3.4)
    System.Buffers (4.5)
    System.Collections.Immutable (1.7)
      System.Memory (>= 4.5.3)
    System.Memory (4.5.3)
      System.Buffers (>= 4.4)
      System.Numerics.Vectors (>= 4.4)
      System.Runtime.CompilerServices.Unsafe (>= 4.5.2)
    System.Numerics.Vectors (4.5)
    System.Reflection.Metadata (1.8)
      System.Collections.Immutable (>= 1.7)
    System.Runtime.CompilerServices.Unsafe (4.7)
    System.Runtime.Loader (4.3)
    System.Spatial (5.8.4)
    System.Xml.XDocument (4.3)
    Vagabond (0.15.1)
      FsPickler (>= 4.0 < 5.0)
      Mono.Cecil (>= 0.10.0-beta6)
    WindowsAzure.ServiceBus (3.4.6)
    WindowsAzure.Storage (7.2.1)
      Microsoft.Azure.KeyVault.Core (>= 1.0)
      Microsoft.Data.OData (>= 5.6.4)
      Microsoft.Data.Services.Client (>= 5.6.4)
      Newtonsoft.Json (>= 6.0.8)
GITHUB
  remote: isaacabraham/azure-fsharp-helpers
    src/configuration.fs (a7af8d3e7ab70c03c100820d68df0e5e4dcf763e)
GROUP Build
RESTRICTION: == net472
NUGET
  remote: https://api.nuget.org/v3/index.json
    FAKE (5.16)
    NuGet.CommandLine (5.4)
    Octokit (0.40)
GITHUB
  remote: fsharp/FAKE
    modules/Octokit/Octokit.fsx (b8f82a3e2d1b3e834897bdb0e2b49f170f9be504)
      Octokit (>= 0.20)
GROUP Test
RESTRICTION: == net472
NUGET
  remote: https://api.nuget.org/v3/index.json
    FsCheck (2.14)
      FSharp.Core (>= 4.2.3)
    FSharp.Compiler.Service (16.0.2)
      System.Collections.Immutable (>= 1.3.1)
      System.Reflection.Metadata (>= 1.4.2)
    FSharp.Core (4.7)
    MathNet.Numerics (3.7.1)
    MathNet.Numerics.FSharp (3.7.1)
      FSharp.Core (>= 3.1.2.1)
      MathNet.Numerics (3.7.1)
    MathNet.Numerics.MKL.Win-x64 (1.8)
      MathNet.Numerics (>= 2.4)
    MBrace.Core (1.5.4)
      FSharp.Core (>= 4.0.0.1)
    MBrace.Flow (1.5.4)
      FSharp.Core (>= 4.0)
      MBrace.Core (1.5.4)
      Streams
    MBrace.Tests (1.5.4)
      FsCheck (>= 2.0.1)
      FSharp.Core (>= 4.1 < 5.0)
      MBrace.Core (1.5.4)
      MBrace.Flow (1.5.4)
      NUnit (>= 2.6 < 3.0)
      Unquote (>= 3.0 < 4.0)
    NUnit (2.6.7)
    NUnit.Runners (2.6.7)
    Streams (0.5)
      FSharp.Core (>= 4.3.4)
    System.Buffers (4.5)
    System.Collections.Immutable (1.7)
      System.Memory (>= 4.5.3)
    System.Memory (4.5.3)
      System.Buffers (>= 4.4)
      System.Numerics.Vectors (>= 4.4)
      System.Runtime.CompilerServices.Unsafe (>= 4.5.2)
    System.Numerics.Vectors (4.5)
    System.Reflection.Metadata (1.8)
      System.Collections.Immutable (>= 1.7)
    System.Runtime.CompilerServices.Unsafe (4.7)
    Unquote (3.2)
